GEM
  remote: http://rubygems.org/
  specs:
    blockenspiel (0.4.5)
    bouncy-castle-java (1.5.0147)
    hashie (2.0.3)
    jenkins-plugin-runtime (0.2.3)
      json
      slop (~> 3.0.2)
    jruby-openssl (0.8.7)
      bouncy-castle-java (>= 1.5.0147)
    json (1.7.7)
    json (1.7.7-java)
    net-scp (1.1.0)
      net-ssh (>= 2.6.5)
    net-ssh (2.6.6)
    net-ssh-simple (1.6.2)
      blockenspiel (~> 0.4.3)
      hashie (>= 1.1.0)
      net-scp (~> 1.1.0)
      net-ssh (~> 2.6.3)
    openstack (1.0.9)
      json
    slop (3.0.4)

PLATFORMS
  java
  ruby

DEPENDENCIES
  jenkins-plugin-runtime (~> 0.2.3)
  jruby-openssl (>= 0.8.6)
  net-ssh-simple (~> 1.6.2)
  openstack (~> 1.0.9)
